PATH
  remote: /Users/luca/projects/vlcrc
  specs:
    vlcrc (0.1.15)
      trollop (~> 1.16.2)

GEM
  remote: https://rubygems.org/
  specs:
    awesome_print (1.0.2)
    serialport (1.1.0)
    timers (1.0.1)
    trollop (1.16.2)

PLATFORMS
  ruby

DEPENDENCIES
  awesome_print
  serialport
  timers
  vlcrc!
