GIT
  remote: git://github.com/polysics/vlcrc.git
  revision: 2c91f6ac3bfc6d59508469ae465e9c0506604220
  specs:
    vlcrc (0.1.15)
      trollop (~> 1.16.2)

GEM
  remote: https://rubygems.org/
  specs:
    awesome_print (1.0.2)
    celluloid (0.11.1)
      timers (>= 1.0.0)
    serialport (1.1.0)
    timers (1.0.1)
    trollop (1.16.2)

PLATFORMS
  ruby

DEPENDENCIES
  awesome_print
  celluloid
  serialport
  vlcrc!
